GEM
  specs:
    coderay (1.1.0)
    leveldb-ruby (0.15)
    method_source (0.8.2)
    pry (0.10.3)
      coderay (~> 1.1.0)
      method_source (~> 0.8.1)
      slop (~> 3.4)
    rake (11.1.2)
    slop (3.6.0)

PLATFORMS
  ruby

DEPENDENCIES
  leveldb-ruby
  pry
  rake

BUNDLED WITH
   1.10.6
